PATH
  remote: .
  specs:
    gritty (0.1.SNAPSHOT)
      methadone (~> 1.2.2)
      ruby-progressbar
      rugged (~> 0.17.0.b6)

GEM
  remote: https://rubygems.org/
  specs:
    archive-tar-minitar (0.5.2)
    aruba (0.5.1)
      childprocess (~> 0.3.6)
      cucumber (>= 1.1.1)
      rspec-expectations (>= 2.7.0)
    builder (3.1.4)
    childprocess (0.3.6)
      ffi (~> 1.0, >= 1.0.6)
    cucumber (1.2.1)
      builder (>= 2.1.2)
      diff-lcs (>= 1.1.3)
      gherkin (~> 2.11.0)
      json (>= 1.4.6)
    diff-lcs (1.1.3)
    ffi (1.2.0)
    gherkin (2.11.5)
      json (>= 1.4.6)
    json (1.7.5)
    methadone (1.2.2)
      bundler
    rake (0.9.5)
    rdoc (3.12)
      json (~> 1.4)
    rspec-expectations (2.12.0)
      diff-lcs (~> 1.1.3)
    ruby-progressbar (1.0.2)
    rugged (0.17.0.b7)

PLATFORMS
  ruby

DEPENDENCIES
  archive-tar-minitar
  aruba
  gritty!
  rake (~> 0.9.2)
  rdoc
